GEM
  remote: http://rubygems.org/
  specs:
    commonjs (0.2.6)
    em-websocket (0.4.0)
      eventmachine (>= 0.12.9)
      http_parser.rb (~> 0.5.3)
    eventmachine (1.0.0)
    ffi (1.3.1)
    guard (1.0.3)
      ffi (>= 0.5.0)
      thor (>= 0.14.6)
    guard-less (0.1.2)
      guard (>= 0.2.2)
      less (~> 2.1.0)
    guard-livereload (0.4.2)
      em-websocket (>= 0.2.0)
      guard (>= 0.10.0)
      multi_json (~> 1.0)
    guard-process (1.0.1)
      guard (>= 0.4.2)
    guard-rack (1.0)
      guard
      guard-rack
      libnotify (~> 0.1.3)
      rb-inotify (>= 0.5.1)
    http_parser.rb (0.5.3)
    less (2.1.0)
      commonjs (~> 0.2.0)
      therubyracer (~> 0.10.0)
    libnotify (0.1.4)
      ffi (>= 0.6.2)
    libv8 (3.3.10.4)
    multi_json (1.5.1)
    rack (1.5.2)
    rb-inotify (0.9.0)
      ffi (>= 0.5.0)
    therubyracer (0.10.2)
      libv8 (~> 3.3.10)
    thor (0.17.0)

PLATFORMS
  ruby

DEPENDENCIES
  guard (= 1.0.3)
  guard-less
  guard-livereload
  guard-process
  guard-rack
  rack
